PATH
  remote: .
  specs:
    locomotivecms_steam (0.1.2)
      coffee-script (~> 2.2.0)
      dragonfly (~> 1.0.3)
      haml (~> 4.0.3)
      httparty (~> 0.13)
      kramdown (~> 1.3.3)
      locomotivecms-solid
      locomotivecms_common (~> 0.0.2)
      locomotivecms_models (~> 0.0.1)
      moneta (~> 0.7.20)
      rack-cache (~> 1.1)
      sprockets (~> 2.0)
      sprockets-sass (~> 1.0)
      will_paginate (~> 3.0)

PATH
  remote: ../models
  specs:
    locomotivecms_models (0.0.1)
      activesupport (~> 4.1.0)
      i18n (~> 0.6.9)
      locomotivecms_common (~> 0.0.1)

GEM
  remote: https://rubygems.org/
  specs:
    activesupport (4.1.1)
      i18n (~> 0.6, >= 0.6.9)
      json (~> 1.7, >= 1.7.7)
      minitest (~> 5.1)
      thread_safe (~> 0.1)
      tzinfo (~> 1.1)
    addressable (2.3.6)
    coderay (1.1.0)
    coffee-script (2.2.0)
      coffee-script-source
      execjs
    coffee-script-source (1.7.0)
    colorize (0.7.3)
    coveralls (0.7.0)
      multi_json (~> 1.3)
      rest-client
      simplecov (>= 0.7)
      term-ansicolor
      thor
    crack (0.4.2)
      safe_yaml (~> 1.0.0)
    daemons (1.1.9)
    diff-lcs (1.2.5)
    docile (1.1.3)
    dragonfly (1.0.5)
      multi_json (~> 1.0)
      rack
    eventmachine (1.0.3)
    execjs (2.1.0)
    haml (4.0.5)
      tilt
    hike (1.2.3)
    httparty (0.13.1)
      json (~> 1.8)
      multi_xml (>= 0.5.2)
    i18n (0.6.9)
    i18n-spec (0.4.1)
      iso
    iso (0.2.1)
      i18n
    json (1.8.1)
    kramdown (1.3.3)
    launchy (2.4.2)
      addressable (~> 2.3)
    locomotivecms-liquid (2.6.0)
    locomotivecms-solid (0.2.2.1)
      locomotivecms-liquid (~> 2.6.0)
    locomotivecms_common (0.0.2)
      colorize
    method_source (0.8.2)
    mime-types (1.25.1)
    minitest (5.3.4)
    moneta (0.7.20)
    multi_json (1.7.9)
    multi_xml (0.5.5)
    pry (0.9.12.6)
      coderay (~> 1.0)
      method_source (~> 0.8)
      slop (~> 3.4)
    rack (1.5.2)
    rack-cache (1.2)
      rack (>= 0.4)
    rack-test (0.6.2)
      rack (>= 1.0)
    rake (10.2.2)
    rest-client (1.6.7)
      mime-types (>= 1.16)
    rspec (2.14.1)
      rspec-core (~> 2.14.0)
      rspec-expectations (~> 2.14.0)
      rspec-mocks (~> 2.14.0)
    rspec-core (2.14.8)
    rspec-expectations (2.14.5)
      diff-lcs (>= 1.1.3, < 2.0)
    rspec-mocks (2.14.6)
    safe_yaml (1.0.1)
    simplecov (0.8.2)
      docile (~> 1.1.0)
      multi_json
      simplecov-html (~> 0.8.0)
    simplecov-html (0.8.0)
    slop (3.5.0)
    sprockets (2.12.1)
      hike (~> 1.2)
      multi_json (~> 1.0)
      rack (~> 1.0)
      tilt (~> 1.1, != 1.3.0)
    sprockets-sass (1.1.0)
      sprockets (~> 2.0)
      tilt (~> 1.1)
    term-ansicolor (1.3.0)
      tins (~> 1.0)
    thin (1.6.2)
      daemons (>= 1.0.9)
      eventmachine (>= 1.0.0)
      rack (>= 1.0.0)
    thor (0.18.1)
    thread_safe (0.3.3)
    tilt (1.4.1)
    tins (1.0.0)
    tzinfo (1.2.0)
      thread_safe (~> 0.1)
    vcr (2.9.0)
    webmock (1.8.11)
      addressable (>= 2.2.7)
      crack (>= 0.1.7)
    will_paginate (3.0.5)

PLATFORMS
  ruby

DEPENDENCIES
  bundler (~> 1.5)
  coveralls
  i18n-spec
  launchy
  locomotivecms_models (~> 0.0.1)!
  locomotivecms_steam!
  pry
  rack-test
  rake (~> 10.1)
  rspec (~> 2.14)
  thin
  vcr
  webmock
